GIT
  remote: https://github.com/ronandi/chatbot.git
  revision: acedcd6f875776605e6dbcba000dccf4fb4c52f2
  specs:
    chatbot (0.0.1)

GEM
  remote: https://rubygems.org/
  specs:
    coinbase (1.2.3)
      hashie (>= 1.2.0)
      httparty (>= 0.8.3)
      money (>= 4.0.1)
      multi_json (>= 1.3.4)
    hashie (2.0.5)
    httparty (0.12.0)
      json (~> 1.8)
      multi_xml (>= 0.5.2)
    i18n (0.6.5)
    json (1.8.0)
    money (5.1.1)
      i18n (~> 0.6.0)
    multi_json (1.8.1)
    multi_xml (0.5.5)
    rack (1.5.2)
    rack-protection (1.5.0)
      rack
    sinatra (1.4.3)
      rack (~> 1.4)
      rack-protection (~> 1.4)
      tilt (~> 1.3, >= 1.3.4)
    tilt (1.4.1)

PLATFORMS
  ruby

DEPENDENCIES
  chatbot!
  coinbase
  sinatra
